{
    "Modality":"MR",
    "MagneticFieldStrength":3,
    "ImagingFrequency":123.261,
    "Manufacturer":"Siemens",
    "ManufacturersModelName":"Prisma_fit",
    "InstitutionName":"ICNAS",
    "InstitutionalDepartmentName":"Department",
    "InstitutionAddress":"Azinhaga Santa Comba StreetNo,Coimbra,District,PT,3000",
    "DeviceSerialNumber":"167048",
    "StationName":"MRC35377",
    "BodyPartExamined":"HEAD",
    "PatientPosition":"HFS",
    "ProcedureStepDescription":"Unknown",
    "SoftwareVersions":"syngo MR E11",
    "MRAcquisitionType":"2D",
    "SeriesDescription":"RunUA_SMS4_TR750",
    "ProtocolName":"RunUA_SMS4_TR750",
    "ScanningSequence":"EP",
    "SequenceVariant":"SK\\SS\\OSP",
    "ScanOptions":"FS\\EXT",
    "SequenceName":"epfid2d1_76",
    "ImageType":[
        "ORIGINAL",
        "PRIMARY",
        "M",
        "MB",
        "ND",
        "NORM",
        "MOSAIC"
    ],
    "SeriesNumber":8,
    "AcquisitionTime":"16:17:47.275000",
    "AcquisitionNumber":1,
    "ImageComments":"Unaliased MB4/PE3/LB",
    "SliceThickness":2.5,
    "SpacingBetweenSlices":3,
    "SAR":0.124787,
    "EchoTime":0.0302,
    "RepetitionTime":0.75,
    "FlipAngle":63,
    "PartialFourier":1,
    "BaseResolution":76,
    "ShimSetting":[
        10157,
        2115,
        8423,
        507,
        -16,
        -68,
        10,
        7
    ],
    "TxRefAmp":220.469,
    "PhaseResolution":1,
    "PhaseOversampling":0.12,
    "ReceiveCoilName":"HeadNeck_64",
    "ReceiveCoilActiveElements":"HC1-6",
    "PulseSequenceDetails":"%CustomerSeq%\\cmrr_mbep2d_bold",
    "WipMemBlock":"9e2451cc-666c-4041-988e-dd0cd4365918||Sequence: R016 ve11c/master r/e634e98; Dec 19 2017 11:00:25 by eja",
    "ConsistencyInfo":"N4_VE11C_LATEST_20160120",
    "MultibandAccelerationFactor":4,
    "PercentPhaseFOV":100,
    "PercentSampling":100,
    "EchoTrainLength":86,
    "PhaseEncodingSteps":86,
    "AcquisitionMatrixPE":76,
    "ReconMatrixPE":76,
    "BandwidthPerPixelPhaseEncode":23.73,
    "EffectiveEchoSpacing":0.000554484,
    "DerivedVendorReportedEchoSpacing":0.000495075,
    "TotalReadoutTime":0.0415863,
    "PixelBandwidth":2740,
    "DwellTime":2.4e-06,
    "PhaseEncodingDirection":"j-",
    "SliceTiming":[
        0,
        0.5125,
        0.2925,
        0.075,
        0.585,
        0.365,
        0.1475,
        0.6575,
        0.44,
        0.22,
        0,
        0.5125,
        0.2925,
        0.075,
        0.585,
        0.365,
        0.1475,
        0.6575,
        0.44,
        0.22,
        0,
        0.5125,
        0.2925,
        0.075,
        0.585,
        0.365,
        0.1475,
        0.6575,
        0.44,
        0.22,
        0,
        0.5125,
        0.2925,
        0.075,
        0.585,
        0.365,
        0.1475,
        0.6575,
        0.44,
        0.22
    ],
    "ImageOrientationPatientDICOM":[
        0.999888,
        0.000702708,
        -0.0149486,
        -0.00174513,
        0.997557,
        -0.0698356
    ],
    "InPlanePhaseEncodingDirectionDICOM":"COL",
    "ConversionSoftware":"dcm2niix",
    "ConversionSoftwareVersion":"v1.0.20210317",
    "TaskName":"UA"
}