{
    "Modality":"MR",
    "MagneticFieldStrength":3,
    "ImagingFrequency":123.261,
    "Manufacturer":"Siemens",
    "ManufacturersModelName":"Prisma_fit",
    "InstitutionName":"ICNAS",
    "InstitutionalDepartmentName":"Department",
    "InstitutionAddress":"Azinhaga Santa Comba StreetNo,Coimbra,District,PT,3000",
    "DeviceSerialNumber":"167048",
    "StationName":"MRC35377",
    "BodyPartExamined":"HEAD",
    "PatientPosition":"HFS",
    "ProcedureStepDescription":"ICNAS^Cranio",
    "SoftwareVersions":"syngo MR E11",
    "MRAcquisitionType":"2D",
    "SeriesDescription":"tfMRI_RunUA_TR0750_SBRef",
    "ProtocolName":"tfMRI_RunUA_TR0750",
    "ScanningSequence":"EP",
    "SequenceVariant":"SK\\SS\\OSP",
    "ScanOptions":"FS\\EXT",
    "SequenceName":"epfid2d1_76",
    "ImageType":[
        "ORIGINAL",
        "PRIMARY",
        "M",
        "ND",
        "NORM",
        "MOSAIC"
    ],
    "SeriesNumber":31,
    "AcquisitionTime":"17:23:26.595000",
    "AcquisitionNumber":1,
    "ImageComments":"Single-band reference",
    "SliceThickness":2.5,
    "SpacingBetweenSlices":3,
    "SAR":0.122006,
    "EchoTime":0.0302,
    "RepetitionTime":0.75,
    "FlipAngle":63,
    "PartialFourier":1,
    "BaseResolution":76,
    "ShimSetting":[
        10177,
        2151,
        8345,
        425,
        39,
        -114,
        -78,
        -6
    ],
    "TxRefAmp":230.855,
    "PhaseResolution":1,
    "PhaseOversampling":0.12,
    "ReceiveCoilName":"HeadNeck_64",
    "ReceiveCoilActiveElements":"HC1-6",
    "PulseSequenceDetails":"%CustomerSeq%\\cmrr_mbep2d_bold",
    "WipMemBlock":"2f236c84-4c95-466f-a308-12e3ed6766b8||Sequence: R016 ve11c/master r/e634e98; Dec 19 2017 11:00:25 by eja",
    "ConsistencyInfo":"N4_VE11C_LATEST_20160120",
    "PercentPhaseFOV":100,
    "PercentSampling":100,
    "EchoTrainLength":86,
    "PhaseEncodingSteps":86,
    "AcquisitionMatrixPE":76,
    "ReconMatrixPE":76,
    "BandwidthPerPixelPhaseEncode":23.73,
    "EffectiveEchoSpacing":0.000554484,
    "DerivedVendorReportedEchoSpacing":0.000495075,
    "TotalReadoutTime":0.0415863,
    "PixelBandwidth":2740,
    "DwellTime":2.4e-06,
    "PhaseEncodingDirection":"j-",
    "SliceTiming":[
        0,
        0.0725,
        0.145,
        0.2175,
        0.29,
        0.365,
        0.4375,
        0.51,
        0.5825,
        0.655,
        0.73,
        0.8025,
        0.875,
        0.9475,
        1.02,
        1.0925,
        1.1675,
        1.24,
        1.3125,
        1.385,
        1.4575,
        1.5325,
        1.605,
        1.6775,
        1.75,
        1.8225,
        1.8975,
        1.97,
        2.0425,
        2.115,
        2.1875,
        2.2625,
        2.335,
        2.4075,
        2.48,
        2.5525,
        2.6275,
        2.7,
        2.7725,
        2.845
    ],
    "ImageOrientationPatientDICOM":[
        0.999198,
        -0.00843542,
        0.0391348,
        0.0139523,
        0.989636,
        -0.142919
    ],
    "InPlanePhaseEncodingDirectionDICOM":"COL",
    "ConversionSoftware":"dcm2niix",
    "ConversionSoftwareVersion":"v1.0.20210317",
    "TaskName":"UA"
}