{
    "Modality":"MR",
    "MagneticFieldStrength":3,
    "ImagingFrequency":123.261,
    "Manufacturer":"Siemens",
    "ManufacturersModelName":"Prisma_fit",
    "InstitutionName":"ICNAS",
    "InstitutionalDepartmentName":"Department",
    "InstitutionAddress":"Azinhaga Santa Comba StreetNo,Coimbra,District,PT,3000",
    "DeviceSerialNumber":"167048",
    "StationName":"MRC35377",
    "BodyPartExamined":"HEAD",
    "PatientPosition":"HFS",
    "ProcedureStepDescription":"Unknown",
    "SoftwareVersions":"syngo MR E11",
    "MRAcquisitionType":"2D",
    "SeriesDescription":"RunA_SMS6_TR500_SBRef",
    "ProtocolName":"RunA_SMS6_TR500",
    "ScanningSequence":"EP",
    "SequenceVariant":"SK\\SS\\OSP",
    "ScanOptions":"FS\\EXT",
    "SequenceName":"epfid2d1_76",
    "ImageType":[
        "ORIGINAL",
        "PRIMARY",
        "M",
        "ND",
        "NORM",
        "MOSAIC"
    ],
    "SeriesNumber":9,
    "AcquisitionTime":"14:48:53.580000",
    "AcquisitionNumber":1,
    "ImageComments":"Single-band reference",
    "SliceThickness":2.5,
    "SpacingBetweenSlices":3,
    "SAR":0.154523,
    "EchoTime":0.0302,
    "RepetitionTime":0.5,
    "FlipAngle":53,
    "PartialFourier":1,
    "BaseResolution":76,
    "ShimSetting":[
        10174,
        2189,
        8431,
        375,
        0,
        53,
        -104,
        -12
    ],
    "TxRefAmp":241.856,
    "PhaseResolution":1,
    "PhaseOversampling":0.12,
    "ReceiveCoilName":"HeadNeck_64",
    "ReceiveCoilActiveElements":"HC1-6",
    "PulseSequenceDetails":"%CustomerSeq%\\cmrr_mbep2d_bold",
    "WipMemBlock":"0a26a3c5-d13d-4ebd-a289-2f217eedcf0b||Sequence: R016 ve11c/master r/e634e98; Dec 19 2017 11:00:25 by eja",
    "ConsistencyInfo":"N4_VE11C_LATEST_20160120",
    "PercentPhaseFOV":100,
    "PercentSampling":100,
    "EchoTrainLength":86,
    "PhaseEncodingSteps":86,
    "AcquisitionMatrixPE":76,
    "ReconMatrixPE":76,
    "BandwidthPerPixelPhaseEncode":22.8,
    "EffectiveEchoSpacing":0.000577101,
    "DerivedVendorReportedEchoSpacing":0.000515268,
    "TotalReadoutTime":0.0432825,
    "PixelBandwidth":2740,
    "DwellTime":2.4e-06,
    "PhaseEncodingDirection":"j-",
    "SliceTiming":[
        0,
        0.07,
        0.1375,
        0.2075,
        0.275,
        0.345,
        0.4125,
        0.48,
        0.55,
        0.6175,
        0.6875,
        0.755,
        0.8225,
        0.8925,
        0.96,
        1.03,
        1.0975,
        1.1675,
        1.235,
        1.3025,
        1.3725,
        1.44,
        1.51,
        1.5775,
        1.6475,
        1.715,
        1.7825,
        1.8525,
        1.92,
        1.99,
        2.0575,
        2.1275,
        2.195,
        2.2625,
        2.3325,
        2.4,
        2.47,
        2.5375,
        2.6075,
        2.675,
        2.7425,
        2.8125
    ],
    "ImageOrientationPatientDICOM":[
        0.999857,
        -0.0145165,
        0.00872303,
        0.015707,
        0.987458,
        -0.157099
    ],
    "InPlanePhaseEncodingDirectionDICOM":"COL",
    "ConversionSoftware":"dcm2niix",
    "ConversionSoftwareVersion":"v1.0.20210317",
    "TaskName":"AA"
}