{
    "Modality": "MR",
    "MagneticFieldStrength": 3,
    "ImagingFrequency": 123.261,
    "Manufacturer": "Siemens",
    "ManufacturersModelName": "Prisma_fit",
    "InstitutionName": "ICNAS",
    "InstitutionalDepartmentName": "Department",
    "InstitutionAddress": "Azinhaga Santa Comba StreetNo,Coimbra,District,PT,3000",
    "DeviceSerialNumber": "167048",
    "StationName": "MRC35377",
    "BodyPartExamined": "HEAD",
    "PatientPosition": "HFS",
    "ProcedureStepDescription": "ICNAS^Cranio",
    "SoftwareVersions": "syngo MR E11",
    "MRAcquisitionType": "2D",
    "SeriesDescription": "SpinEchoFieldMap_AP_0.51",
    "ProtocolName": "SpinEchoFieldMap_AP_0.51",
    "ScanningSequence": "EP",
    "SequenceVariant": "SK",
    "ScanOptions": "FS",
    "SequenceName": "epse2d1_76",
    "ImageType": [
        "ORIGINAL",
        "PRIMARY",
        "M",
        "ND",
        "MOSAIC"
    ],
    "SeriesNumber": 39,
    "AcquisitionTime": "17:44:25.947500",
    "AcquisitionNumber": 1,
    "SliceThickness": 2.5,
    "SpacingBetweenSlices": 3,
    "SAR": 0.0763971,
    "EchoTime": 0.066,
    "RepetitionTime": 8,
    "FlipAngle": 90,
    "PartialFourier": 1,
    "BaseResolution": 76,
    "ShimSetting": [
        10181,
        2177,
        8371,
        453,
        11,
        68,
        -49,
        -30
    ],
    "TxRefAmp": 232.881,
    "PhaseResolution": 1,
    "VendorReportedEchoSpacing": 0.00051,
    "ReceiveCoilName": "HeadNeck_64",
    "ReceiveCoilActiveElements": "HC1-7;NC1",
    "PulseSequenceDetails": "%CustomerSeq%\\cmrr_mbep2d_se",
    "WipMemBlock": "51861984-b925-4cf3-a122-b3d94424ee05||Sequence: R016 ve11c/master r/e634e98; Dec 19 2017 11:22:56 by eja",
    "ConsistencyInfo": "N4_VE11C_LATEST_20160120",
    "PercentPhaseFOV": 100,
    "PercentSampling": 100,
    "EchoTrainLength": 76,
    "PhaseEncodingSteps": 76,
    "AcquisitionMatrixPE": 76,
    "ReconMatrixPE": 76,
    "BandwidthPerPixelPhaseEncode": 25.8,
    "EffectiveEchoSpacing": 0.000509996,
    "DerivedVendorReportedEchoSpacing": 0.000509996,
    "TotalReadoutTime": 0.0382497,
    "PixelBandwidth": 2435,
    "DwellTime": 2.7e-06,
    "PhaseEncodingDirection": "j-",
    "SliceTiming": [
        3.9875,
        0,
        4.1775,
        0.19,
        4.3675,
        0.38,
        4.5575,
        0.57,
        4.7475,
        0.76,
        4.9375,
        0.95,
        5.1275,
        1.14,
        5.3175,
        1.33,
        5.5075,
        1.52,
        5.6975,
        1.71,
        5.8875,
        1.9,
        6.0775,
        2.0875,
        6.2675,
        2.2775,
        6.4575,
        2.4675,
        6.6475,
        2.6575,
        6.8375,
        2.8475,
        7.0275,
        3.0375,
        7.2175,
        3.2275,
        7.4075,
        3.4175,
        7.5975,
        3.6075,
        7.7875,
        3.7975
    ],
    "ImageOrientationPatientDICOM": [
        0.993384,
        -0.0691632,
        0.0916792,
        0.090405,
        0.963263,
        -0.252888
    ],
    "InPlanePhaseEncodingDirectionDICOM": "COL",
    "ConversionSoftware": "dcm2niix",
    "ConversionSoftwareVersion": "v1.0.20210317",
    "IntendedFor": [
        "func/sub-03_task-AA_acq-0500_run-1_bold.nii.gz",
        "func/sub-03_task-UA_acq-0500_run-1_bold.nii.gz"
    ]
}