{
    "Modality":"MR",
    "MagneticFieldStrength":3,
    "ImagingFrequency":123.261,
    "Manufacturer":"Siemens",
    "ManufacturersModelName":"Prisma_fit",
    "InstitutionName":"Ibili",
    "InstitutionalDepartmentName":"Department",
    "InstitutionAddress":"Azinhaga Santa Comba StreetNo,Coimbra,District,PT,3000",
    "DeviceSerialNumber":"167048",
    "StationName":"MRC35377",
    "BodyPartExamined":"HEAD",
    "PatientPosition":"HFS",
    "ProcedureStepDescription":"ICNAS^Cranio",
    "SoftwareVersions":"syngo MR E11",
    "MRAcquisitionType":"2D",
    "SeriesDescription":"tfMRI_RunA_TR0500_SBRef",
    "ProtocolName":"tfMRI_RunA_TR0500",
    "ScanningSequence":"EP",
    "SequenceVariant":"SK\\SS\\OSP",
    "ScanOptions":"FS\\EXT",
    "SequenceName":"epfid2d1_76",
    "ImageType":[
        "ORIGINAL",
        "PRIMARY",
        "M",
        "ND",
        "NORM",
        "MOSAIC"
    ],
    "SeriesNumber":22,
    "AcquisitionTime":"14:37:4.650000",
    "AcquisitionNumber":1,
    "ImageComments":"Single-band reference",
    "SliceThickness":2.5,
    "SpacingBetweenSlices":3,
    "SAR":0.17481,
    "EchoTime":0.0302,
    "RepetitionTime":0.5,
    "FlipAngle":53,
    "PartialFourier":1,
    "BaseResolution":76,
    "ShimSetting":[
        10173,
        2164,
        8403,
        250,
        7,
        -25,
        -43,
        19
    ],
    "TxRefAmp":257.104,
    "PhaseResolution":1,
    "PhaseOversampling":0.12,
    "ReceiveCoilName":"HeadNeck_64",
    "ReceiveCoilActiveElements":"HC1-6",
    "PulseSequenceDetails":"%CustomerSeq%\\cmrr_mbep2d_bold",
    "WipMemBlock":"2eb1d0f3-6b70-4890-80e2-b5a6dbc493e0||Sequence: R016 ve11c/master r/e634e98; Dec 19 2017 11:00:25 by eja",
    "ConsistencyInfo":"N4_VE11C_LATEST_20160120",
    "PercentPhaseFOV":100,
    "PercentSampling":100,
    "EchoTrainLength":86,
    "PhaseEncodingSteps":86,
    "AcquisitionMatrixPE":76,
    "ReconMatrixPE":76,
    "BandwidthPerPixelPhaseEncode":22.8,
    "EffectiveEchoSpacing":0.000577101,
    "DerivedVendorReportedEchoSpacing":0.000515268,
    "TotalReadoutTime":0.0432825,
    "PixelBandwidth":2740,
    "DwellTime":2.4e-06,
    "PhaseEncodingDirection":"j-",
    "SliceTiming":[
        0,
        0.0675,
        0.135,
        0.205,
        0.2725,
        0.3425,
        0.41,
        0.48,
        0.5475,
        0.615,
        0.685,
        0.7525,
        0.8225,
        0.89,
        0.96,
        1.0275,
        1.095,
        1.165,
        1.2325,
        1.3025,
        1.37,
        1.44,
        1.5075,
        1.575,
        1.645,
        1.7125,
        1.7825,
        1.85,
        1.9175,
        1.9875,
        2.055,
        2.125,
        2.1925,
        2.2625,
        2.33,
        2.3975,
        2.4675,
        2.535,
        2.605,
        2.6725,
        2.7425,
        2.81
    ],
    "ImageOrientationPatientDICOM":[
        0.998936,
        0.0361327,
        -0.0286421,
        -0.0401215,
        0.987285,
        -0.153811
    ],
    "InPlanePhaseEncodingDirectionDICOM":"COL",
    "ConversionSoftware":"dcm2niix",
    "ConversionSoftwareVersion":"v1.0.20210317",
    "TaskName":"AA"
}