{
    "Modality":"MR",
    "MagneticFieldStrength":3,
    "ImagingFrequency":123.261,
    "Manufacturer":"Siemens",
    "ManufacturersModelName":"Prisma_fit",
    "InstitutionName":"Ibili",
    "InstitutionalDepartmentName":"Department",
    "InstitutionAddress":"Azinhaga Santa Comba StreetNo,Coimbra,District,PT,3000",
    "DeviceSerialNumber":"167048",
    "StationName":"MRC35377",
    "BodyPartExamined":"HEAD",
    "PatientPosition":"HFS",
    "ProcedureStepDescription":"ICNAS^Cranio",
    "SoftwareVersions":"syngo MR E11",
    "MRAcquisitionType":"2D",
    "SeriesDescription":"tfMRI_RunA_TR1000",
    "ProtocolName":"tfMRI_RunA_TR1000",
    "ScanningSequence":"EP",
    "SequenceVariant":"SK\\SS\\OSP",
    "ScanOptions":"FS\\EXT",
    "SequenceName":"epfid2d1_76",
    "ImageType":[
        "ORIGINAL",
        "PRIMARY",
        "M",
        "MB",
        "ND",
        "NORM",
        "MOSAIC"
    ],
    "SeriesNumber":45,
    "AcquisitionTime":"15:09:34.605000",
    "AcquisitionNumber":1,
    "ImageComments":"Unaliased MB3/PE3/LB",
    "SliceThickness":2.5,
    "SpacingBetweenSlices":3,
    "SAR":0.147397,
    "EchoTime":0.0302,
    "RepetitionTime":1,
    "FlipAngle":68,
    "PartialFourier":1,
    "BaseResolution":76,
    "ShimSetting":[
        10173,
        2164,
        8403,
        250,
        7,
        -25,
        -43,
        19
    ],
    "TxRefAmp":257.104,
    "PhaseResolution":1,
    "PhaseOversampling":0.12,
    "ReceiveCoilName":"HeadNeck_64",
    "ReceiveCoilActiveElements":"HC1-6",
    "PulseSequenceDetails":"%CustomerSeq%\\cmrr_mbep2d_bold",
    "WipMemBlock":"22d6f011-56ee-4604-b42e-f10d96bf793d||Sequence: R016 ve11c/master r/e634e98; Dec 19 2017 11:00:25 by eja",
    "ConsistencyInfo":"N4_VE11C_LATEST_20160120",
    "MultibandAccelerationFactor":3,
    "PercentPhaseFOV":100,
    "PercentSampling":100,
    "EchoTrainLength":86,
    "PhaseEncodingSteps":86,
    "AcquisitionMatrixPE":76,
    "ReconMatrixPE":76,
    "BandwidthPerPixelPhaseEncode":23.73,
    "EffectiveEchoSpacing":0.000554484,
    "DerivedVendorReportedEchoSpacing":0.000495075,
    "TotalReadoutTime":0.0415863,
    "PixelBandwidth":2630,
    "DwellTime":2.5e-06,
    "PhaseEncodingDirection":"j-",
    "SliceTiming":[
        0,
        0.21,
        0.42,
        0.63,
        0.84,
        0.07,
        0.28,
        0.49,
        0.7,
        0.91,
        0.14,
        0.35,
        0.56,
        0.77,
        0,
        0.21,
        0.42,
        0.63,
        0.84,
        0.07,
        0.28,
        0.49,
        0.7,
        0.91,
        0.14,
        0.35,
        0.56,
        0.77,
        0,
        0.21,
        0.42,
        0.63,
        0.84,
        0.07,
        0.28,
        0.49,
        0.7,
        0.91,
        0.14,
        0.35,
        0.56,
        0.77
    ],
    "ImageOrientationPatientDICOM":[
        0.998936,
        0.0361327,
        -0.0286421,
        -0.0401215,
        0.987285,
        -0.153811
    ],
    "InPlanePhaseEncodingDirectionDICOM":"COL",
    "ConversionSoftware":"dcm2niix",
    "ConversionSoftwareVersion":"v1.0.20210317",
    "TaskName":"AA"
}