{
    "Modality": "MR",
    "MagneticFieldStrength": 3,
    "ImagingFrequency": 123.261,
    "Manufacturer": "Siemens",
    "ManufacturersModelName": "Prisma_fit",
    "InstitutionName": "ICNAS",
    "InstitutionalDepartmentName": "Department",
    "InstitutionAddress": "Azinhaga Santa Comba StreetNo,Coimbra,District,PT,3000",
    "DeviceSerialNumber": "167048",
    "StationName": "MRC35377",
    "BodyPartExamined": "HEAD",
    "PatientPosition": "HFS",
    "ProcedureStepDescription": "ICNAS^Cranio",
    "SoftwareVersions": "syngo MR E11",
    "MRAcquisitionType": "2D",
    "SeriesDescription": "SpinEchoFieldMap_AP_TR0750",
    "ProtocolName": "SpinEchoFieldMap_AP_TR0750",
    "ScanningSequence": "EP",
    "SequenceVariant": "SK",
    "ScanOptions": "FS",
    "SequenceName": "epse2d1_76",
    "ImageType": [
        "ORIGINAL",
        "PRIMARY",
        "M",
        "ND",
        "MOSAIC"
    ],
    "SeriesNumber": 23,
    "AcquisitionTime": "17:14:41.255000",
    "AcquisitionNumber": 1,
    "SliceThickness": 2.5,
    "SpacingBetweenSlices": 3,
    "SAR": 0.0761018,
    "EchoTime": 0.066,
    "RepetitionTime": 8,
    "FlipAngle": 90,
    "PartialFourier": 1,
    "BaseResolution": 76,
    "ShimSetting": [
        10177,
        2151,
        8345,
        425,
        39,
        -114,
        -78,
        -6
    ],
    "TxRefAmp": 230.855,
    "PhaseResolution": 1,
    "VendorReportedEchoSpacing": 0.00049,
    "ReceiveCoilName": "HeadNeck_64",
    "ReceiveCoilActiveElements": "HC1-6",
    "PulseSequenceDetails": "%CustomerSeq%\\cmrr_mbep2d_se",
    "WipMemBlock": "96b374e6-6d23-4445-8571-c47bccf9b742||Sequence: R016 ve11c/master r/e634e98; Dec 19 2017 11:22:56 by eja",
    "ConsistencyInfo": "N4_VE11C_LATEST_20160120",
    "PercentPhaseFOV": 100,
    "PercentSampling": 100,
    "EchoTrainLength": 76,
    "PhaseEncodingSteps": 76,
    "AcquisitionMatrixPE": 76,
    "ReconMatrixPE": 76,
    "BandwidthPerPixelPhaseEncode": 26.853,
    "EffectiveEchoSpacing": 0.000489997,
    "DerivedVendorReportedEchoSpacing": 0.000489997,
    "TotalReadoutTime": 0.0367498,
    "PixelBandwidth": 2435,
    "DwellTime": 2.7e-06,
    "PhaseEncodingDirection": "j-",
    "SliceTiming": [
        3.99,
        0,
        4.19,
        0.2,
        4.39,
        0.4,
        4.5875,
        0.6,
        4.7875,
        0.7975,
        4.9875,
        0.9975,
        5.1875,
        1.1975,
        5.3875,
        1.3975,
        5.585,
        1.5975,
        5.785,
        1.795,
        5.985,
        1.995,
        6.185,
        2.195,
        6.385,
        2.395,
        6.5825,
        2.5925,
        6.7825,
        2.7925,
        6.9825,
        2.9925,
        7.1825,
        3.1925,
        7.3825,
        3.3925,
        7.58,
        3.59,
        7.78,
        3.79
    ],
    "ImageOrientationPatientDICOM": [
        0.999198,
        -0.00843542,
        0.0391348,
        0.0139523,
        0.989636,
        -0.142919
    ],
    "InPlanePhaseEncodingDirectionDICOM": "COL",
    "ConversionSoftware": "dcm2niix",
    "ConversionSoftwareVersion": "v1.0.20210317",
    "IntendedFor": [
        "func/sub-21_task-AA_acq-0750_run-1_bold.nii.gz",
        "func/sub-21_task-UA_acq-0750_run-1_bold.nii.gz"
    ]
}