{
    "Modality": "MR",
    "MagneticFieldStrength": 3,
    "ImagingFrequency": 123.261,
    "Manufacturer": "Siemens",
    "ManufacturersModelName": "Prisma_fit",
    "InstitutionName": "ICNAS",
    "InstitutionalDepartmentName": "Department",
    "InstitutionAddress": "Azinhaga Santa Comba StreetNo,Coimbra,District,PT,3000",
    "DeviceSerialNumber": "167048",
    "StationName": "MRC35377",
    "BodyPartExamined": "HEAD",
    "PatientPosition": "HFS",
    "ProcedureStepDescription": "ICNAS^Cranio",
    "SoftwareVersions": "syngo MR E11",
    "MRAcquisitionType": "2D",
    "SeriesDescription": "SpinEchoFieldMap_PA_0.49",
    "ProtocolName": "SpinEchoFieldMap_PA_0.49",
    "ScanningSequence": "EP",
    "SequenceVariant": "SK",
    "ScanOptions": "FS",
    "SequenceName": "epse2d1_76",
    "ImageType": [
        "ORIGINAL",
        "PRIMARY",
        "M",
        "ND",
        "MOSAIC"
    ],
    "SeriesNumber": 5,
    "AcquisitionTime": "18:12:39.615000",
    "AcquisitionNumber": 1,
    "SliceThickness": 2.5,
    "SpacingBetweenSlices": 3,
    "SAR": 0.0955451,
    "EchoTime": 0.066,
    "RepetitionTime": 8,
    "FlipAngle": 90,
    "PartialFourier": 1,
    "BaseResolution": 76,
    "ShimSetting": [
        10160,
        2119,
        8363,
        383,
        19,
        -87,
        40,
        -12
    ],
    "TxRefAmp": 248.583,
    "PhaseResolution": 1,
    "VendorReportedEchoSpacing": 0.00049,
    "ReceiveCoilName": "HeadNeck_64",
    "ReceiveCoilActiveElements": "HC1-6",
    "PulseSequenceDetails": "%CustomerSeq%\\cmrr_mbep2d_se",
    "WipMemBlock": "e3b9df5e-4f48-4400-af8a-3d31d2b07bda||Sequence: R016 ve11c/master r/e634e98; Dec 19 2017 11:22:56 by eja",
    "ConsistencyInfo": "N4_VE11C_LATEST_20160120",
    "PercentPhaseFOV": 100,
    "PercentSampling": 100,
    "EchoTrainLength": 76,
    "PhaseEncodingSteps": 76,
    "AcquisitionMatrixPE": 76,
    "ReconMatrixPE": 76,
    "BandwidthPerPixelPhaseEncode": 26.853,
    "EffectiveEchoSpacing": 0.000489997,
    "DerivedVendorReportedEchoSpacing": 0.000489997,
    "TotalReadoutTime": 0.0367498,
    "PixelBandwidth": 2435,
    "DwellTime": 2.7e-06,
    "PhaseEncodingDirection": "j",
    "SliceTiming": [
        3.99,
        0,
        4.18,
        0.19,
        4.37,
        0.38,
        4.56,
        0.57,
        4.75,
        0.76,
        4.94,
        0.95,
        5.13,
        1.14,
        5.32,
        1.33,
        5.51,
        1.52,
        5.7,
        1.71,
        5.89,
        1.9,
        6.08,
        2.09,
        6.27,
        2.28,
        6.4575,
        2.47,
        6.6475,
        2.66,
        6.8375,
        2.85,
        7.0275,
        3.04,
        7.2175,
        3.23,
        7.4075,
        3.42,
        7.5975,
        3.61,
        7.7875,
        3.8
    ],
    "ImageOrientationPatientDICOM": [
        0.998157,
        0.003826,
        0.0605593,
        -0.00174209,
        0.999406,
        -0.0344266
    ],
    "InPlanePhaseEncodingDirectionDICOM": "COL",
    "ConversionSoftware": "dcm2niix",
    "ConversionSoftwareVersion": "v1.0.20210317",
    "IntendedFor": [
        "func/sub-06_task-AA_acq-1000_run-1_bold.nii.gz",
        "func/sub-06_task-UA_acq-1000_run-1_bold.nii.gz",
        "func/sub-06_task-loc_acq-1000_run-1_bold.nii.gz",
        "func/sub-06_task-AA_acq-0750_run-1_bold.nii.gz",
        "func/sub-06_task-UA_acq-0750_run-1_bold.nii.gz"
    ]
}