{
    "Modality": "MR",
    "MagneticFieldStrength": 3,
    "ImagingFrequency": 123.261,
    "Manufacturer": "Siemens",
    "ManufacturersModelName": "Prisma_fit",
    "InstitutionName": "ICNAS",
    "InstitutionalDepartmentName": "Department",
    "InstitutionAddress": "Azinhaga Santa Comba StreetNo,Coimbra,District,PT,3000",
    "DeviceSerialNumber": "167048",
    "StationName": "MRC35377",
    "BodyPartExamined": "HEAD",
    "PatientPosition": "HFS",
    "ProcedureStepDescription": "ICNAS^Cranio",
    "SoftwareVersions": "syngo MR E11",
    "MRAcquisitionType": "2D",
    "SeriesDescription": "SpinEchoFieldMap_AP_0.49",
    "ProtocolName": "SpinEchoFieldMap_AP_0.49",
    "ScanningSequence": "EP",
    "SequenceVariant": "SK",
    "ScanOptions": "FS",
    "SequenceName": "epse2d1_76",
    "ImageType": [
        "ORIGINAL",
        "PRIMARY",
        "M",
        "ND",
        "MOSAIC"
    ],
    "SeriesNumber": 21,
    "AcquisitionTime": "15:41:14.510000",
    "AcquisitionNumber": 1,
    "SliceThickness": 2.5,
    "SpacingBetweenSlices": 3,
    "SAR": 0.0724918,
    "EchoTime": 0.066,
    "RepetitionTime": 8,
    "FlipAngle": 90,
    "PartialFourier": 1,
    "BaseResolution": 76,
    "ShimSetting": [
        10196,
        2128,
        8324,
        358,
        34,
        -47,
        -60,
        -32
    ],
    "TxRefAmp": 213.046,
    "PhaseResolution": 1,
    "VendorReportedEchoSpacing": 0.00049,
    "ReceiveCoilName": "HeadNeck_64",
    "ReceiveCoilActiveElements": "HC1-6",
    "PulseSequenceDetails": "%CustomerSeq%\\cmrr_mbep2d_se",
    "WipMemBlock": "936d6f1f-baa9-43d6-b1cb-4413b953c7f4||Sequence: R016 ve11c/master r/e634e98; Dec 19 2017 11:22:56 by eja",
    "ConsistencyInfo": "N4_VE11C_LATEST_20160120",
    "PercentPhaseFOV": 100,
    "PercentSampling": 100,
    "EchoTrainLength": 76,
    "PhaseEncodingSteps": 76,
    "AcquisitionMatrixPE": 76,
    "ReconMatrixPE": 76,
    "BandwidthPerPixelPhaseEncode": 26.853,
    "EffectiveEchoSpacing": 0.000489997,
    "DerivedVendorReportedEchoSpacing": 0.000489997,
    "TotalReadoutTime": 0.0367498,
    "PixelBandwidth": 2435,
    "DwellTime": 2.7e-06,
    "PhaseEncodingDirection": "j-",
    "SliceTiming": [
        3.99,
        0,
        4.18,
        0.19,
        4.37,
        0.38,
        4.56,
        0.57,
        4.75,
        0.76,
        4.94,
        0.95,
        5.13,
        1.14,
        5.32,
        1.33,
        5.51,
        1.52,
        5.7,
        1.71,
        5.89,
        1.9,
        6.08,
        2.09,
        6.27,
        2.28,
        6.46,
        2.47,
        6.65,
        2.66,
        6.84,
        2.85,
        7.03,
        3.04,
        7.22,
        3.23,
        7.41,
        3.42,
        7.6,
        3.61,
        7.79,
        3.8
    ],
    "ImageOrientationPatientDICOM": [
        0.996445,
        0.0682132,
        0.0494395,
        -0.0661838,
        0.99694,
        -0.041586
    ],
    "InPlanePhaseEncodingDirectionDICOM": "COL",
    "ConversionSoftware": "dcm2niix",
    "ConversionSoftwareVersion": "v1.0.20210317",
    "IntendedFor": [
        "func/sub-07_task-AA_acq-1000_run-1_bold.nii.gz",
        "func/sub-07_task-UA_acq-1000_run-1_bold.nii.gz",
        "func/sub-07_task-loc_acq-1000_run-1_bold.nii.gz",
        "func/sub-07_task-AA_acq-0750_run-1_bold.nii.gz",
        "func/sub-07_task-UA_acq-0750_run-1_bold.nii.gz"
    ]
}