{
    "Modality":"MR",
    "MagneticFieldStrength":3,
    "ImagingFrequency":123.261,
    "Manufacturer":"Siemens",
    "ManufacturersModelName":"Prisma_fit",
    "InstitutionName":"ICNAS",
    "InstitutionalDepartmentName":"Department",
    "InstitutionAddress":"Azinhaga Santa Comba StreetNo,Coimbra,District,PT,3000",
    "DeviceSerialNumber":"167048",
    "StationName":"MRC35377",
    "BodyPartExamined":"HEAD",
    "PatientPosition":"HFS",
    "ProcedureStepDescription":"Unknown",
    "SoftwareVersions":"syngo MR E11",
    "MRAcquisitionType":"2D",
    "SeriesDescription":"RunA_SMS1_TR2500",
    "ProtocolName":"RunA_SMS1_TR2500",
    "ScanningSequence":"EP",
    "SequenceVariant":"SK\\SS\\OSP",
    "ScanOptions":"FS\\EXT",
    "SequenceName":"epfid2d1_76",
    "ImageType":[
        "ORIGINAL",
        "PRIMARY",
        "M",
        "ND",
        "MOSAIC"
    ],
    "SeriesNumber":5,
    "AcquisitionTime":"16:20:56.255000",
    "AcquisitionNumber":1,
    "SliceThickness":2.5,
    "SpacingBetweenSlices":3,
    "SAR":0.0502108,
    "EchoTime":0.0302,
    "RepetitionTime":2.5,
    "FlipAngle":85,
    "PartialFourier":1,
    "BaseResolution":76,
    "ShimSetting":[
        10173,
        2111,
        8361,
        323,
        -26,
        -113,
        50,
        0
    ],
    "TxRefAmp":232.198,
    "PhaseResolution":1,
    "PhaseOversampling":0.12,
    "ReceiveCoilName":"HeadNeck_64",
    "ReceiveCoilActiveElements":"HC1-6",
    "PulseSequenceDetails":"%CustomerSeq%\\cmrr_mbep2d_bold",
    "WipMemBlock":"0b50bfa0-7cd5-4293-b380-41b27945b4de||Sequence: R016 ve11c/master r/e634e98; Dec 19 2017 11:00:25 by eja",
    "RefLinesPE":20,
    "ConsistencyInfo":"N4_VE11C_LATEST_20160120",
    "PercentPhaseFOV":100,
    "PercentSampling":100,
    "EchoTrainLength":43,
    "PhaseEncodingSteps":86,
    "AcquisitionMatrixPE":76,
    "ReconMatrixPE":76,
    "BandwidthPerPixelPhaseEncode":39.417,
    "ParallelReductionFactorInPlane":2,
    "EffectiveEchoSpacing":0.000333813,
    "DerivedVendorReportedEchoSpacing":0.000596094,
    "TotalReadoutTime":0.025036,
    "PixelBandwidth":1995,
    "DwellTime":3.3e-06,
    "PhaseEncodingDirection":"j-",
    "SliceTiming":[
        1.24,
        0,
        1.3,
        0.06,
        1.3575,
        0.12,
        1.4175,
        0.1775,
        1.4775,
        0.2375,
        1.535,
        0.295,
        1.595,
        0.355,
        1.655,
        0.415,
        1.7125,
        0.4725,
        1.7725,
        0.5325,
        1.83,
        0.59,
        1.89,
        0.65,
        1.95,
        0.71,
        2.0075,
        0.7675,
        2.0675,
        0.8275,
        2.125,
        0.8875,
        2.185,
        0.945,
        2.245,
        1.005,
        2.3025,
        1.0625,
        2.3625,
        1.1225,
        2.4225,
        1.1825
    ],
    "ImageOrientationPatientDICOM":[
        0.997222,
        -0.0322579,
        0.0671365,
        0.0348238,
        0.998693,
        -0.0374061
    ],
    "InPlanePhaseEncodingDirectionDICOM":"COL",
    "ConversionSoftware":"dcm2niix",
    "ConversionSoftwareVersion":"v1.0.20210317",
    "TaskName":"AA"
}