{
    "Modality": "MR",
    "MagneticFieldStrength": 3,
    "ImagingFrequency": 123.261,
    "Manufacturer": "Siemens",
    "ManufacturersModelName": "Prisma_fit",
    "InstitutionName": "ICNAS",
    "InstitutionalDepartmentName": "Department",
    "InstitutionAddress": "Azinhaga Santa Comba StreetNo,Coimbra,District,PT,3000",
    "DeviceSerialNumber": "167048",
    "StationName": "MRC35377",
    "BodyPartExamined": "HEAD",
    "PatientPosition": "HFS",
    "ProcedureStepDescription": "ICNAS^Cranio",
    "SoftwareVersions": "syngo MR E11",
    "MRAcquisitionType": "2D",
    "SeriesDescription": "SpinEchoFieldMap_PA_0.59",
    "ProtocolName": "SpinEchoFieldMap_PA_0.59",
    "ScanningSequence": "EP",
    "SequenceVariant": "SK",
    "ScanOptions": "FS",
    "SequenceName": "epse2d1_76",
    "ImageType": [
        "ORIGINAL",
        "PRIMARY",
        "M",
        "ND",
        "MOSAIC"
    ],
    "SeriesNumber": 24,
    "AcquisitionTime": "17:18:21.520000",
    "AcquisitionNumber": 1,
    "SliceThickness": 2.5,
    "SpacingBetweenSlices": 3,
    "SAR": 0.0860634,
    "EchoTime": 0.066,
    "RepetitionTime": 8,
    "FlipAngle": 90,
    "PartialFourier": 1,
    "BaseResolution": 76,
    "ShimSetting": [
        10161,
        2139,
        8375,
        374,
        -13,
        -129,
        -12,
        -8
    ],
    "TxRefAmp": 236.691,
    "PhaseResolution": 1,
    "VendorReportedEchoSpacing": 0.00059,
    "ReceiveCoilName": "HeadNeck_64",
    "ReceiveCoilActiveElements": "HC1-6",
    "PulseSequenceDetails": "%CustomerSeq%\\cmrr_mbep2d_se",
    "WipMemBlock": "477c271d-d621-4fd4-b302-9af0aa1b83c5||Sequence: R016 ve11c/master r/e634e98; Dec 19 2017 11:22:56 by eja",
    "ConsistencyInfo": "N4_VE11C_LATEST_20160120",
    "PercentPhaseFOV": 100,
    "PercentSampling": 100,
    "EchoTrainLength": 76,
    "PhaseEncodingSteps": 76,
    "AcquisitionMatrixPE": 76,
    "ReconMatrixPE": 76,
    "BandwidthPerPixelPhaseEncode": 22.302,
    "EffectiveEchoSpacing": 0.000589987,
    "DerivedVendorReportedEchoSpacing": 0.000589987,
    "TotalReadoutTime": 0.044249,
    "PixelBandwidth": 2435,
    "DwellTime": 2.7e-06,
    "PhaseEncodingDirection": "j",
    "SliceTiming": [
        3.99,
        0,
        4.18,
        0.19,
        4.37,
        0.38,
        4.56,
        0.57,
        4.75,
        0.76,
        4.94,
        0.95,
        5.13,
        1.14,
        5.32,
        1.33,
        5.51,
        1.52,
        5.7,
        1.71,
        5.89,
        1.9,
        6.08,
        2.09,
        6.27,
        2.28,
        6.46,
        2.47,
        6.65,
        2.66,
        6.84,
        2.85,
        7.03,
        3.04,
        7.22,
        3.23,
        7.41,
        3.42,
        7.6,
        3.61,
        7.79,
        3.8
    ],
    "ImageOrientationPatientDICOM": [
        0.999875,
        0.0153359,
        -0.00394452,
        -0.0157073,
        0.992125,
        -0.124264
    ],
    "InPlanePhaseEncodingDirectionDICOM": "COL",
    "ConversionSoftware": "dcm2niix",
    "ConversionSoftwareVersion": "v1.0.20210317",
    "IntendedFor": [
        "func/sub-16_task-AA_acq-2500_run-1_bold.nii.gz",
        "func/sub-16_task-UA_acq-2500_run-1_bold.nii.gz"
    ]
}