{
    "Modality": "MR",
    "MagneticFieldStrength": 3,
    "ImagingFrequency": 123.261,
    "Manufacturer": "Siemens",
    "ManufacturersModelName": "Prisma_fit",
    "InstitutionName": "ICNAS",
    "InstitutionalDepartmentName": "Department",
    "InstitutionAddress": "Azinhaga Santa Comba StreetNo,Coimbra,District,PT,3000",
    "DeviceSerialNumber": "167048",
    "StationName": "MRC35377",
    "BodyPartExamined": "HEAD",
    "PatientPosition": "HFS",
    "ProcedureStepDescription": "ICNAS^Cranio",
    "SoftwareVersions": "syngo MR E11",
    "MRAcquisitionType": "2D",
    "SeriesDescription": "SpinEchoFieldMap_AP_0.59",
    "ProtocolName": "SpinEchoFieldMap_AP_0.59",
    "ScanningSequence": "EP",
    "SequenceVariant": "SK",
    "ScanOptions": "FS",
    "SequenceName": "epse2d1_76",
    "ImageType": [
        "ORIGINAL",
        "PRIMARY",
        "M",
        "ND",
        "MOSAIC"
    ],
    "SeriesNumber": 23,
    "AcquisitionTime": "17:18:11.312500",
    "AcquisitionNumber": 1,
    "SliceThickness": 2.5,
    "SpacingBetweenSlices": 3,
    "SAR": 0.0860634,
    "EchoTime": 0.066,
    "RepetitionTime": 8,
    "FlipAngle": 90,
    "PartialFourier": 1,
    "BaseResolution": 76,
    "ShimSetting": [
        10161,
        2139,
        8375,
        374,
        -13,
        -129,
        -12,
        -8
    ],
    "TxRefAmp": 236.691,
    "PhaseResolution": 1,
    "VendorReportedEchoSpacing": 0.00059,
    "ReceiveCoilName": "HeadNeck_64",
    "ReceiveCoilActiveElements": "HC1-6",
    "PulseSequenceDetails": "%CustomerSeq%\\cmrr_mbep2d_se",
    "WipMemBlock": "85c3a34c-95c6-4ab0-9f2b-9072db69d22f||Sequence: R016 ve11c/master r/e634e98; Dec 19 2017 11:22:56 by eja",
    "ConsistencyInfo": "N4_VE11C_LATEST_20160120",
    "PercentPhaseFOV": 100,
    "PercentSampling": 100,
    "EchoTrainLength": 76,
    "PhaseEncodingSteps": 76,
    "AcquisitionMatrixPE": 76,
    "ReconMatrixPE": 76,
    "BandwidthPerPixelPhaseEncode": 22.302,
    "EffectiveEchoSpacing": 0.000589987,
    "DerivedVendorReportedEchoSpacing": 0.000589987,
    "TotalReadoutTime": 0.044249,
    "PixelBandwidth": 2435,
    "DwellTime": 2.7e-06,
    "PhaseEncodingDirection": "j-",
    "SliceTiming": [
        3.9875,
        0,
        4.1775,
        0.19,
        4.3675,
        0.38,
        4.5575,
        0.57,
        4.7475,
        0.76,
        4.9375,
        0.95,
        5.1275,
        1.14,
        5.3175,
        1.33,
        5.5075,
        1.52,
        5.6975,
        1.71,
        5.8875,
        1.9,
        6.0775,
        2.0875,
        6.2675,
        2.2775,
        6.4575,
        2.4675,
        6.6475,
        2.6575,
        6.8375,
        2.8475,
        7.0275,
        3.0375,
        7.2175,
        3.2275,
        7.4075,
        3.4175,
        7.5975,
        3.6075,
        7.7875,
        3.7975
    ],
    "ImageOrientationPatientDICOM": [
        0.999875,
        0.0153359,
        -0.00394452,
        -0.0157073,
        0.992125,
        -0.124264
    ],
    "InPlanePhaseEncodingDirectionDICOM": "COL",
    "ConversionSoftware": "dcm2niix",
    "ConversionSoftwareVersion": "v1.0.20210317",
    "IntendedFor": [
        "func/sub-16_task-AA_acq-2500_run-1_bold.nii.gz",
        "func/sub-16_task-UA_acq-2500_run-1_bold.nii.gz"
    ]
}