{
    "Modality":"MR",
    "MagneticFieldStrength":3,
    "ImagingFrequency":123.261,
    "Manufacturer":"Siemens",
    "ManufacturersModelName":"Prisma_fit",
    "InstitutionName":"ICNAS",
    "InstitutionalDepartmentName":"Department",
    "InstitutionAddress":"Azinhaga Santa Comba StreetNo,Coimbra,District,PT,3000",
    "DeviceSerialNumber":"167048",
    "StationName":"MRC35377",
    "BodyPartExamined":"HEAD",
    "PatientPosition":"HFS",
    "ProcedureStepDescription":"Unknown",
    "SoftwareVersions":"syngo MR E11",
    "MRAcquisitionType":"2D",
    "SeriesDescription":"RunA_SMS1_TR2500",
    "ProtocolName":"RunA_SMS1_TR2500",
    "ScanningSequence":"EP",
    "SequenceVariant":"SK\\SS\\OSP",
    "ScanOptions":"FS\\EXT",
    "SequenceName":"epfid2d1_76",
    "ImageType":[
        "ORIGINAL",
        "PRIMARY",
        "M",
        "ND",
        "MOSAIC"
    ],
    "SeriesNumber":13,
    "AcquisitionTime":"15:18:43.257500",
    "AcquisitionNumber":1,
    "SliceThickness":2.5,
    "SpacingBetweenSlices":3,
    "SAR":0.0438857,
    "EchoTime":0.0302,
    "RepetitionTime":2.5,
    "FlipAngle":85,
    "PartialFourier":1,
    "BaseResolution":76,
    "ShimSetting":[
        10170,
        2149,
        8334,
        424,
        -16,
        54,
        -80,
        -41
    ],
    "TxRefAmp":234.233,
    "PhaseResolution":1,
    "PhaseOversampling":0.12,
    "ReceiveCoilName":"HeadNeck_64",
    "ReceiveCoilActiveElements":"HC1-7",
    "PulseSequenceDetails":"%CustomerSeq%\\cmrr_mbep2d_bold",
    "WipMemBlock":"011abe9c-1a5c-4aaa-8dc5-c774b804982f||Sequence: R016 ve11c/master r/e634e98; Dec 19 2017 11:00:25 by eja",
    "RefLinesPE":20,
    "ConsistencyInfo":"N4_VE11C_LATEST_20160120",
    "PercentPhaseFOV":100,
    "PercentSampling":100,
    "EchoTrainLength":43,
    "PhaseEncodingSteps":86,
    "AcquisitionMatrixPE":76,
    "ReconMatrixPE":76,
    "BandwidthPerPixelPhaseEncode":39.417,
    "ParallelReductionFactorInPlane":2,
    "EffectiveEchoSpacing":0.000333813,
    "DerivedVendorReportedEchoSpacing":0.000596094,
    "TotalReadoutTime":0.025036,
    "PixelBandwidth":1995,
    "DwellTime":3.3e-06,
    "PhaseEncodingDirection":"j-",
    "SliceTiming":[
        1.2375,
        0,
        1.2975,
        0.0575,
        1.3575,
        0.1175,
        1.415,
        0.175,
        1.475,
        0.235,
        1.535,
        0.295,
        1.5925,
        0.3525,
        1.6525,
        0.4125,
        1.71,
        0.47,
        1.77,
        0.53,
        1.83,
        0.59,
        1.8875,
        0.6475,
        1.9475,
        0.7075,
        2.005,
        0.7675,
        2.065,
        0.825,
        2.125,
        0.885,
        2.1825,
        0.9425,
        2.2425,
        1.0025,
        2.3025,
        1.0625,
        2.36,
        1.12,
        2.42,
        1.18
    ],
    "ImageOrientationPatientDICOM":[
        0.999676,
        0.0208347,
        -0.0146419,
        -0.0226858,
        0.989837,
        -0.140385
    ],
    "InPlanePhaseEncodingDirectionDICOM":"COL",
    "ConversionSoftware":"dcm2niix",
    "ConversionSoftwareVersion":"v1.0.20210317",
    "TaskName":"AA"
}