{
    "Modality":"MR",
    "MagneticFieldStrength":3,
    "ImagingFrequency":123.261,
    "Manufacturer":"Siemens",
    "ManufacturersModelName":"Prisma_fit",
    "InstitutionName":"ICNAS",
    "InstitutionalDepartmentName":"Department",
    "InstitutionAddress":"Azinhaga Santa Comba StreetNo,Coimbra,District,PT,3000",
    "DeviceSerialNumber":"167048",
    "StationName":"MRC35377",
    "BodyPartExamined":"HEAD",
    "PatientPosition":"HFS",
    "ProcedureStepDescription":"Unknown",
    "SoftwareVersions":"syngo MR E11",
    "MRAcquisitionType":"2D",
    "SeriesDescription":"LOC_SMS3_TR1000",
    "ProtocolName":"LOC_SMS3_TR1000",
    "ScanningSequence":"EP",
    "SequenceVariant":"SK\\SS\\OSP",
    "ScanOptions":"FS\\EXT",
    "SequenceName":"epfid2d1_76",
    "ImageType":[
        "ORIGINAL",
        "PRIMARY",
        "M",
        "MB",
        "ND",
        "NORM",
        "MOSAIC"
    ],
    "SeriesNumber":4,
    "AcquisitionTime":"14:43:30.307500",
    "AcquisitionNumber":1,
    "ImageComments":"Unaliased MB3/PE3/LB",
    "SliceThickness":2.5,
    "SpacingBetweenSlices":3,
    "SAR":0.0983557,
    "EchoTime":0.0302,
    "RepetitionTime":1,
    "FlipAngle":68,
    "PartialFourier":1,
    "BaseResolution":76,
    "ShimSetting":[
        10170,
        2149,
        8334,
        424,
        -16,
        54,
        -80,
        -41
    ],
    "TxRefAmp":234.233,
    "PhaseResolution":1,
    "PhaseOversampling":0.12,
    "ReceiveCoilName":"HeadNeck_64",
    "ReceiveCoilActiveElements":"HC1-7",
    "PulseSequenceDetails":"%CustomerSeq%\\cmrr_mbep2d_bold",
    "WipMemBlock":"d8664d3b-eb1e-428c-b0b5-1b09afd9d2a6||Sequence: R016 ve11c/master r/e634e98; Dec 19 2017 11:00:25 by eja",
    "ConsistencyInfo":"N4_VE11C_LATEST_20160120",
    "MultibandAccelerationFactor":3,
    "PercentPhaseFOV":100,
    "PercentSampling":100,
    "EchoTrainLength":86,
    "PhaseEncodingSteps":86,
    "AcquisitionMatrixPE":76,
    "ReconMatrixPE":76,
    "BandwidthPerPixelPhaseEncode":23.73,
    "EffectiveEchoSpacing":0.000554484,
    "DerivedVendorReportedEchoSpacing":0.000495075,
    "TotalReadoutTime":0.0415863,
    "PixelBandwidth":2630,
    "DwellTime":2.5e-06,
    "PhaseEncodingDirection":"j-",
    "SliceTiming":[
        0,
        0.21,
        0.42,
        0.63,
        0.84,
        0.07,
        0.28,
        0.49,
        0.7,
        0.91,
        0.14,
        0.35,
        0.56,
        0.77,
        0,
        0.21,
        0.42,
        0.63,
        0.84,
        0.07,
        0.28,
        0.49,
        0.7,
        0.91,
        0.14,
        0.35,
        0.56,
        0.77,
        0,
        0.21,
        0.42,
        0.63,
        0.84,
        0.07,
        0.28,
        0.49,
        0.7,
        0.91,
        0.14,
        0.35,
        0.56,
        0.77
    ],
    "ImageOrientationPatientDICOM":[
        0.999676,
        0.0208347,
        -0.0146419,
        -0.0226858,
        0.989837,
        -0.140385
    ],
    "InPlanePhaseEncodingDirectionDICOM":"COL",
    "ConversionSoftware":"dcm2niix",
    "ConversionSoftwareVersion":"v1.0.20210317",
    "TaskName":"loc"
}