{
    "Modality":"MR",
    "MagneticFieldStrength":3,
    "ImagingFrequency":123.261,
    "Manufacturer":"Siemens",
    "ManufacturersModelName":"Prisma_fit",
    "InstitutionName":"ICNAS",
    "InstitutionalDepartmentName":"Department",
    "InstitutionAddress":"Azinhaga Santa Comba StreetNo,Coimbra,District,PT,3000",
    "DeviceSerialNumber":"167048",
    "StationName":"MRC35377",
    "BodyPartExamined":"HEAD",
    "PatientPosition":"HFS",
    "ProcedureStepDescription":"ICNAS^Cranio",
    "SoftwareVersions":"syngo MR E11",
    "MRAcquisitionType":"2D",
    "SeriesDescription":"tfMRI_RunUA_TR2500",
    "ProtocolName":"tfMRI_RunUA_TR2500",
    "ScanningSequence":"EP",
    "SequenceVariant":"SK\\SS\\OSP",
    "ScanOptions":"FS\\EXT",
    "SequenceName":"epfid2d1_76",
    "ImageType":[
        "ORIGINAL",
        "PRIMARY",
        "M",
        "ND",
        "MOSAIC"
    ],
    "SeriesNumber":48,
    "AcquisitionTime":"18:06:28.265000",
    "AcquisitionNumber":1,
    "SliceThickness":2.5,
    "SpacingBetweenSlices":3,
    "SAR":0.0580601,
    "EchoTime":0.0302,
    "RepetitionTime":2.5,
    "FlipAngle":85,
    "PartialFourier":1,
    "BaseResolution":76,
    "ShimSetting":[
        10183,
        2130,
        8351,
        422,
        -52,
        -106,
        70,
        -18
    ],
    "TxRefAmp":233.79,
    "PhaseResolution":1,
    "PhaseOversampling":0.12,
    "ReceiveCoilName":"HeadNeck_64",
    "ReceiveCoilActiveElements":"HC1-6",
    "PulseSequenceDetails":"%CustomerSeq%\\cmrr_mbep2d_bold",
    "WipMemBlock":"475cb05b-b090-4f59-a5e3-46384f3ded86||Sequence: R016 ve11c/master r/e634e98; Dec 19 2017 11:00:25 by eja",
    "RefLinesPE":20,
    "ConsistencyInfo":"N4_VE11C_LATEST_20160120",
    "PercentPhaseFOV":100,
    "PercentSampling":100,
    "EchoTrainLength":43,
    "PhaseEncodingSteps":86,
    "AcquisitionMatrixPE":76,
    "ReconMatrixPE":76,
    "BandwidthPerPixelPhaseEncode":39.417,
    "ParallelReductionFactorInPlane":2,
    "EffectiveEchoSpacing":0.000333813,
    "DerivedVendorReportedEchoSpacing":0.000596094,
    "TotalReadoutTime":0.025036,
    "PixelBandwidth":1995,
    "DwellTime":3.3e-06,
    "PhaseEncodingDirection":"j-",
    "SliceTiming":[
        1.24,
        0,
        1.2975,
        0.0575,
        1.3575,
        0.1175,
        1.4175,
        0.1775,
        1.475,
        0.235,
        1.535,
        0.295,
        1.5925,
        0.3525,
        1.6525,
        0.4125,
        1.7125,
        0.4725,
        1.77,
        0.53,
        1.83,
        0.59,
        1.8875,
        0.65,
        1.9475,
        0.7075,
        2.0075,
        0.7675,
        2.065,
        0.825,
        2.125,
        0.885,
        2.185,
        0.945,
        2.2425,
        1.0025,
        2.3025,
        1.0625,
        2.36,
        1.12,
        2.42,
        1.18
    ],
    "ImageOrientationPatientDICOM":[
        0.998026,
        0.0167961,
        0.0605119,
        -0.0139359,
        0.99878,
        -0.0473824
    ],
    "InPlanePhaseEncodingDirectionDICOM":"COL",
    "ConversionSoftware":"dcm2niix",
    "ConversionSoftwareVersion":"v1.0.20210317",
    "TaskName":"UA"
}