{
    "Modality": "MR",
    "MagneticFieldStrength": 3,
    "ImagingFrequency": 123.261,
    "Manufacturer": "Siemens",
    "ManufacturersModelName": "Prisma_fit",
    "InstitutionName": "Ibili",
    "InstitutionalDepartmentName": "Department",
    "InstitutionAddress": "Azinhaga Santa Comba StreetNo,Coimbra,District,PT,3000",
    "DeviceSerialNumber": "167048",
    "StationName": "MRC35377",
    "BodyPartExamined": "HEAD",
    "PatientPosition": "HFS",
    "ProcedureStepDescription": "ICNAS^Cranio",
    "SoftwareVersions": "syngo MR E11",
    "MRAcquisitionType": "2D",
    "SeriesDescription": "SpinEchoFieldMap_AP_0.51",
    "ProtocolName": "SpinEchoFieldMap_AP_0.51",
    "ScanningSequence": "EP",
    "SequenceVariant": "SK",
    "ScanOptions": "FS",
    "SequenceName": "epse2d1_76",
    "ImageType": [
        "ORIGINAL",
        "PRIMARY",
        "M",
        "ND",
        "MOSAIC"
    ],
    "SeriesNumber": 40,
    "AcquisitionTime": "14:49:28.247500",
    "AcquisitionNumber": 1,
    "SliceThickness": 2.5,
    "SpacingBetweenSlices": 3,
    "SAR": 0.0718726,
    "EchoTime": 0.066,
    "RepetitionTime": 8,
    "FlipAngle": 90,
    "PartialFourier": 1,
    "BaseResolution": 76,
    "ShimSetting": [
        10154,
        2088,
        8394,
        612,
        -89,
        -100,
        97,
        12
    ],
    "TxRefAmp": 209.936,
    "PhaseResolution": 1,
    "VendorReportedEchoSpacing": 0.00051,
    "ReceiveCoilName": "HeadNeck_64",
    "ReceiveCoilActiveElements": "HC1-6",
    "PulseSequenceDetails": "%CustomerSeq%\\cmrr_mbep2d_se",
    "WipMemBlock": "07454a6b-5eca-44e5-a057-a1d3e33ab191||Sequence: R016 ve11c/master r/e634e98; Dec 19 2017 11:22:56 by eja",
    "ConsistencyInfo": "N4_VE11C_LATEST_20160120",
    "PercentPhaseFOV": 100,
    "PercentSampling": 100,
    "EchoTrainLength": 76,
    "PhaseEncodingSteps": 76,
    "AcquisitionMatrixPE": 76,
    "ReconMatrixPE": 76,
    "BandwidthPerPixelPhaseEncode": 25.8,
    "EffectiveEchoSpacing": 0.000509996,
    "DerivedVendorReportedEchoSpacing": 0.000509996,
    "TotalReadoutTime": 0.0382497,
    "PixelBandwidth": 2435,
    "DwellTime": 2.7e-06,
    "PhaseEncodingDirection": "j-",
    "SliceTiming": [
        3.9875,
        0,
        4.1775,
        0.19,
        4.3675,
        0.38,
        4.5575,
        0.57,
        4.7475,
        0.76,
        4.9375,
        0.9475,
        5.1275,
        1.1375,
        5.3175,
        1.3275,
        5.5075,
        1.5175,
        5.6975,
        1.7075,
        5.8875,
        1.8975,
        6.0775,
        2.0875,
        6.2675,
        2.2775,
        6.4575,
        2.4675,
        6.6475,
        2.6575,
        6.8375,
        2.8475,
        7.0275,
        3.0375,
        7.2175,
        3.2275,
        7.4075,
        3.4175,
        7.5975,
        3.6075,
        7.7875,
        3.7975
    ],
    "ImageOrientationPatientDICOM": [
        0.996968,
        -0.0775782,
        0.00596452,
        0.0767125,
        0.992864,
        0.091307
    ],
    "InPlanePhaseEncodingDirectionDICOM": "COL",
    "ConversionSoftware": "dcm2niix",
    "ConversionSoftwareVersion": "v1.0.20210317",
    "IntendedFor": [
        "func/sub-15_task-AA_acq-0500_run-1_bold.nii.gz",
        "func/sub-15_task-UA_acq-0500_run-1_bold.nii.gz"
    ]
}