{
    "Modality":"MR",
    "MagneticFieldStrength":3,
    "ImagingFrequency":123.261,
    "Manufacturer":"Siemens",
    "ManufacturersModelName":"Prisma_fit",
    "InstitutionName":"ICNAS",
    "InstitutionalDepartmentName":"Department",
    "InstitutionAddress":"Azinhaga Santa Comba StreetNo,Coimbra,District,PT,3000",
    "DeviceSerialNumber":"167048",
    "StationName":"MRC35377",
    "BodyPartExamined":"HEAD",
    "PatientPosition":"HFS",
    "ProcedureStepDescription":"Unknown",
    "SoftwareVersions":"syngo MR E11",
    "MRAcquisitionType":"2D",
    "SeriesDescription":"RunUA_SMS3_TR1000",
    "ProtocolName":"RunUA_SMS3_TR1000",
    "ScanningSequence":"EP",
    "SequenceVariant":"SK\\SS\\OSP",
    "ScanOptions":"FS\\EXT",
    "SequenceName":"epfid2d1_76",
    "ImageType":[
        "ORIGINAL",
        "PRIMARY",
        "M",
        "MB",
        "ND",
        "NORM",
        "MOSAIC"
    ],
    "SeriesNumber":15,
    "AcquisitionTime":"17:06:5.602500",
    "AcquisitionNumber":1,
    "ImageComments":"Unaliased MB3/PE3/LB",
    "SliceThickness":2.5,
    "SpacingBetweenSlices":3,
    "SAR":0.111336,
    "EchoTime":0.0302,
    "RepetitionTime":1,
    "FlipAngle":68,
    "PartialFourier":1,
    "BaseResolution":76,
    "ShimSetting":[
        10178,
        2081,
        8392,
        474,
        13,
        -187,
        103,
        -36
    ],
    "TxRefAmp":213.87,
    "PhaseResolution":1,
    "PhaseOversampling":0.12,
    "ReceiveCoilName":"HeadNeck_64",
    "ReceiveCoilActiveElements":"HC1-7",
    "PulseSequenceDetails":"%CustomerSeq%\\cmrr_mbep2d_bold",
    "WipMemBlock":"a6ec19c1-8639-469b-a93f-bd6262dc4a12||Sequence: R016 ve11c/master r/e634e98; Dec 19 2017 11:00:25 by eja",
    "ConsistencyInfo":"N4_VE11C_LATEST_20160120",
    "MultibandAccelerationFactor":3,
    "PercentPhaseFOV":100,
    "PercentSampling":100,
    "EchoTrainLength":86,
    "PhaseEncodingSteps":86,
    "AcquisitionMatrixPE":76,
    "ReconMatrixPE":76,
    "BandwidthPerPixelPhaseEncode":23.73,
    "EffectiveEchoSpacing":0.000554484,
    "DerivedVendorReportedEchoSpacing":0.000495075,
    "TotalReadoutTime":0.0415863,
    "PixelBandwidth":2630,
    "DwellTime":2.5e-06,
    "PhaseEncodingDirection":"j-",
    "SliceTiming":[
        0,
        0.21,
        0.42,
        0.63,
        0.84,
        0.07,
        0.28,
        0.49,
        0.7,
        0.91,
        0.14,
        0.35,
        0.56,
        0.77,
        0,
        0.21,
        0.42,
        0.63,
        0.84,
        0.07,
        0.28,
        0.49,
        0.7,
        0.91,
        0.14,
        0.35,
        0.56,
        0.77,
        0,
        0.21,
        0.42,
        0.63,
        0.84,
        0.07,
        0.28,
        0.49,
        0.7,
        0.91,
        0.14,
        0.35,
        0.56,
        0.77
    ],
    "ImageOrientationPatientDICOM":[
        0.997796,
        0.066122,
        0.00555026,
        -0.0662736,
        0.988955,
        0.132574
    ],
    "InPlanePhaseEncodingDirectionDICOM":"COL",
    "ConversionSoftware":"dcm2niix",
    "ConversionSoftwareVersion":"v1.0.20210317",
    "TaskName":"UA"
}