{
    "Modality":"MR",
    "MagneticFieldStrength":3,
    "ImagingFrequency":123.261,
    "Manufacturer":"Siemens",
    "ManufacturersModelName":"Prisma_fit",
    "InstitutionName":"ICNAS",
    "InstitutionalDepartmentName":"Department",
    "InstitutionAddress":"Azinhaga Santa Comba StreetNo,Coimbra,District,PT,3000",
    "DeviceSerialNumber":"167048",
    "StationName":"MRC35377",
    "BodyPartExamined":"HEAD",
    "PatientPosition":"HFS",
    "ProcedureStepDescription":"Unknown",
    "SoftwareVersions":"syngo MR E11",
    "MRAcquisitionType":"2D",
    "SeriesDescription":"RunUA_SMS4_TR750",
    "ProtocolName":"RunUA_SMS4_TR750",
    "ScanningSequence":"EP",
    "SequenceVariant":"SK\\SS\\OSP",
    "ScanOptions":"FS\\EXT",
    "SequenceName":"epfid2d1_76",
    "ImageType":[
        "ORIGINAL",
        "PRIMARY",
        "M",
        "MB",
        "ND",
        "NORM",
        "MOSAIC"
    ],
    "SeriesNumber":19,
    "AcquisitionTime":"17:20:49.335000",
    "AcquisitionNumber":1,
    "ImageComments":"Unaliased MB4/PE3/LB",
    "SliceThickness":2.5,
    "SpacingBetweenSlices":3,
    "SAR":0.119315,
    "EchoTime":0.0302,
    "RepetitionTime":0.75,
    "FlipAngle":63,
    "PartialFourier":1,
    "BaseResolution":76,
    "ShimSetting":[
        10180,
        2081,
        8397,
        488,
        27,
        -183,
        103,
        -31
    ],
    "TxRefAmp":213.87,
    "PhaseResolution":1,
    "PhaseOversampling":0.12,
    "ReceiveCoilName":"HeadNeck_64",
    "ReceiveCoilActiveElements":"HC1-7",
    "PulseSequenceDetails":"%CustomerSeq%\\cmrr_mbep2d_bold",
    "WipMemBlock":"619cc107-a742-412c-8174-72d90d816635||Sequence: R016 ve11c/master r/e634e98; Dec 19 2017 11:00:25 by eja",
    "ConsistencyInfo":"N4_VE11C_LATEST_20160120",
    "MultibandAccelerationFactor":4,
    "PercentPhaseFOV":100,
    "PercentSampling":100,
    "EchoTrainLength":86,
    "PhaseEncodingSteps":86,
    "AcquisitionMatrixPE":76,
    "ReconMatrixPE":76,
    "BandwidthPerPixelPhaseEncode":23.73,
    "EffectiveEchoSpacing":0.000554484,
    "DerivedVendorReportedEchoSpacing":0.000495075,
    "TotalReadoutTime":0.0415863,
    "PixelBandwidth":2740,
    "DwellTime":2.4e-06,
    "PhaseEncodingDirection":"j-",
    "SliceTiming":[
        0,
        0.51,
        0.2925,
        0.0725,
        0.5825,
        0.365,
        0.145,
        0.6575,
        0.4375,
        0.2175,
        0,
        0.51,
        0.2925,
        0.0725,
        0.5825,
        0.365,
        0.145,
        0.6575,
        0.4375,
        0.2175,
        0,
        0.51,
        0.2925,
        0.0725,
        0.5825,
        0.365,
        0.145,
        0.6575,
        0.4375,
        0.2175,
        0,
        0.51,
        0.2925,
        0.0725,
        0.5825,
        0.365,
        0.145,
        0.6575,
        0.4375,
        0.2175
    ],
    "ImageOrientationPatientDICOM":[
        0.997796,
        0.066122,
        0.00555026,
        -0.0662736,
        0.988955,
        0.132574
    ],
    "InPlanePhaseEncodingDirectionDICOM":"COL",
    "ConversionSoftware":"dcm2niix",
    "ConversionSoftwareVersion":"v1.0.20210317",
    "TaskName":"UA"
}