{
    "Modality":"MR",
    "MagneticFieldStrength":3,
    "ImagingFrequency":123.261,
    "Manufacturer":"Siemens",
    "ManufacturersModelName":"Prisma_fit",
    "InstitutionName":"ICNAS",
    "InstitutionalDepartmentName":"Department",
    "InstitutionAddress":"Azinhaga Santa Comba StreetNo,Coimbra,District,PT,3000",
    "DeviceSerialNumber":"167048",
    "StationName":"MRC35377",
    "BodyPartExamined":"HEAD",
    "PatientPosition":"HFS",
    "ProcedureStepDescription":"Unknown",
    "SoftwareVersions":"syngo MR E11",
    "MRAcquisitionType":"2D",
    "SeriesDescription":"RunUA_SMS6_TR500",
    "ProtocolName":"RunUA_SMS6_TR500",
    "ScanningSequence":"EP",
    "SequenceVariant":"SK\\SS\\OSP",
    "ScanOptions":"FS\\EXT",
    "SequenceName":"epfid2d1_76",
    "ImageType":[
        "ORIGINAL",
        "PRIMARY",
        "M",
        "MB",
        "ND",
        "NORM",
        "MOSAIC"
    ],
    "SeriesNumber":23,
    "AcquisitionTime":"17:37:58.085000",
    "AcquisitionNumber":1,
    "ImageComments":"Unaliased MB6/PE3/LB",
    "SliceThickness":2.5,
    "SpacingBetweenSlices":3,
    "SAR":0.132042,
    "EchoTime":0.0302,
    "RepetitionTime":0.5,
    "FlipAngle":53,
    "PartialFourier":1,
    "BaseResolution":76,
    "ShimSetting":[
        10178,
        2081,
        8392,
        474,
        13,
        -187,
        103,
        -36
    ],
    "TxRefAmp":213.87,
    "PhaseResolution":1,
    "PhaseOversampling":0.12,
    "ReceiveCoilName":"HeadNeck_64",
    "ReceiveCoilActiveElements":"HC1-7",
    "PulseSequenceDetails":"%CustomerSeq%\\cmrr_mbep2d_bold",
    "WipMemBlock":"4b92db89-7cce-4a30-8e6b-a8acce054544||Sequence: R016 ve11c/master r/e634e98; Dec 19 2017 11:00:25 by eja",
    "ConsistencyInfo":"N4_VE11C_LATEST_20160120",
    "MultibandAccelerationFactor":6,
    "PercentPhaseFOV":100,
    "PercentSampling":100,
    "EchoTrainLength":86,
    "PhaseEncodingSteps":86,
    "AcquisitionMatrixPE":76,
    "ReconMatrixPE":76,
    "BandwidthPerPixelPhaseEncode":22.8,
    "EffectiveEchoSpacing":0.000577101,
    "DerivedVendorReportedEchoSpacing":0.000515268,
    "TotalReadoutTime":0.0432825,
    "PixelBandwidth":2740,
    "DwellTime":2.4e-06,
    "PhaseEncodingDirection":"j-",
    "SliceTiming":[
        0,
        0.275,
        0.0675,
        0.3425,
        0.1375,
        0.41,
        0.205,
        0,
        0.275,
        0.0675,
        0.3425,
        0.1375,
        0.41,
        0.205,
        0,
        0.275,
        0.0675,
        0.3425,
        0.1375,
        0.41,
        0.205,
        0,
        0.275,
        0.0675,
        0.3425,
        0.1375,
        0.41,
        0.205,
        0,
        0.275,
        0.0675,
        0.3425,
        0.1375,
        0.41,
        0.205,
        0,
        0.275,
        0.0675,
        0.3425,
        0.1375,
        0.41,
        0.205
    ],
    "ImageOrientationPatientDICOM":[
        0.997796,
        0.066122,
        0.00555026,
        -0.0662736,
        0.988955,
        0.132574
    ],
    "InPlanePhaseEncodingDirectionDICOM":"COL",
    "ConversionSoftware":"dcm2niix",
    "ConversionSoftwareVersion":"v1.0.20210317",
    "TaskName":"UA"
}