{
    "Modality":"MR",
    "MagneticFieldStrength":3,
    "ImagingFrequency":123.261,
    "Manufacturer":"Siemens",
    "ManufacturersModelName":"Prisma_fit",
    "InstitutionName":"Ibili",
    "InstitutionalDepartmentName":"Department",
    "InstitutionAddress":"Azinhaga Santa Comba StreetNo,Coimbra,District,PT,3000",
    "DeviceSerialNumber":"167048",
    "StationName":"MRC35377",
    "BodyPartExamined":"HEAD",
    "PatientPosition":"HFS",
    "ProcedureStepDescription":"ICNAS^Cranio",
    "SoftwareVersions":"syngo MR E11",
    "MRAcquisitionType":"3D",
    "SeriesDescription":"t1_mprage_sag_p2_iso",
    "ProtocolName":"t1_mprage_sag_p2_iso",
    "ScanningSequence":"GR\\IR",
    "SequenceVariant":"SK\\SP\\MP",
    "ScanOptions":"IR",
    "SequenceName":"*tfl3d1_16ns",
    "ImageType":[
        "ORIGINAL",
        "PRIMARY",
        "M",
        "ND",
        "NORM"
    ],
    "SeriesNumber":2,
    "AcquisitionTime":"14:15:12.275000",
    "AcquisitionNumber":1,
    "SliceThickness":1,
    "SAR":0.0460857,
    "EchoTime":0.0035,
    "RepetitionTime":2.53,
    "InversionTime":1.1,
    "FlipAngle":7,
    "PartialFourier":1,
    "BaseResolution":256,
    "ShimSetting":[
        10171,
        2067,
        8367,
        275,
        -11,
        -382,
        84,
        -32
    ],
    "TxRefAmp":257.104,
    "PhaseResolution":1,
    "ReceiveCoilName":"HeadNeck_64",
    "ReceiveCoilActiveElements":"HC1-7;NC1,2",
    "PulseSequenceDetails":"%SiemensSeq%\\tfl",
    "RefLinesPE":32,
    "ConsistencyInfo":"N4_VE11C_LATEST_20160120",
    "PercentPhaseFOV":100,
    "PercentSampling":100,
    "PhaseEncodingSteps":255,
    "AcquisitionMatrixPE":256,
    "ReconMatrixPE":256,
    "ParallelReductionFactorInPlane":2,
    "PixelBandwidth":190,
    "DwellTime":1.03e-05,
    "ImageOrientationPatientDICOM":[
        -0.0453468,
        0.998971,
        -1.02134e-08,
        -0.0138892,
        -0.000630489,
        -0.999903
    ],
    "InPlanePhaseEncodingDirectionDICOM":"ROW",
    "ConversionSoftware":"dcm2niix",
    "ConversionSoftwareVersion":"v1.0.20210317"
}